GEM
  remote: https://rubygems.org/
  specs:
    json (2.1.0)
    mustermann (1.0.2)
    rack (2.0.5)
    rack-protection (2.0.3)
      rack
    sinatra (2.0.3)
      mustermann (~> 1.0)
      rack (~> 2.0)
      rack-protection (= 2.0.3)
      tilt (~> 2.0)
    standoff (0.0.5)
    tilt (2.0.8)
    trollop (2.1.3)

PLATFORMS
  ruby

DEPENDENCIES
  json
  sinatra
  standoff
  trollop

BUNDLED WITH
   1.16.1
